PATH
  remote: .
  specs:
    codingruby (0.1.0)

GEM
  remote: https://rubygems.org/
  specs:
    ddtrace (0.13.1)
      msgpack
    diff-lcs (1.3)
    dogapi (1.30)
      multi_json
    dogstatsd-ruby (3.3.0)
    msgpack (1.2.4)
    multi_json (1.13.1)
    rake (10.5.0)
    rspec (3.7.0)
      rspec-core (~> 3.7.0)
      rspec-expectations (~> 3.7.0)
      rspec-mocks (~> 3.7.0)
    rspec-core (3.7.1)
      rspec-support (~> 3.7.0)
    rspec-expectations (3.7.0)
      diff-lcs (>= 1.2.0, < 2.0)
      rspec-support (~> 3.7.0)
    rspec-mocks (3.7.0)
      diff-lcs (>= 1.2.0, < 2.0)
      rspec-support (~> 3.7.0)
    rspec-support (3.7.1)

PLATFORMS
  ruby

DEPENDENCIES
  bundler (~> 1.16.a)
  codingruby!
  ddtrace
  dogapi
  dogstatsd-ruby
  rake (~> 10.0)
  rspec (~> 3.0)

BUNDLED WITH
   1.16.0.pre.3
